GEM
  remote: http://rubygems.org/
  specs:
    ast (2.4.2)
    coderay (1.1.3)
    ffi (1.15.5)
    formatador (1.1.0)
    guard (2.18.1)
      formatador (>= 0.2.4)
      listen (>= 2.7, < 4.0)
      lumberjack (>= 1.0.12, < 2.0)
      nenv (~> 0.1)
      notiffany (~> 0.0)
      pry (>= 0.13.0)
      shellany (~> 0.0)
      thor (>= 0.18.1)
    guard-compat (1.2.1)
    guard-shell (0.7.2)
      guard (>= 2.0.0)
      guard-compat (~> 1.0)
    listen (3.8.0)
      rb-fsevent (~> 0.10, >= 0.10.3)
      rb-inotify (~> 0.9, >= 0.9.10)
    lumberjack (1.2.9)
    method_source (1.0.0)
    nenv (0.3.0)
    notiffany (0.1.3)
      nenv (~> 0.1)
      shellany (~> 0.0)
    opal (1.7.4)
      ast (>= 2.3.0)
      parser (~> 3.0, >= 3.0.3.2)
    opal-browser (0.3.3)
      opal (>= 1.0, < 2.0)
      paggio (>= 0.3.0)
    paggio (0.3.0)
    parser (3.2.2.3)
      ast (~> 2.4.1)
      racc
    pry (0.14.2)
      coderay (~> 1.1)
      method_source (~> 1.0)
    racc (1.7.1)
    rb-fsevent (0.11.2)
    rb-inotify (0.10.1)
      ffi (~> 1.0)
    shellany (0.0.1)
    thor (1.2.2)

PLATFORMS
  x86_64-linux

DEPENDENCIES
  guard-shell
  opal (~> 1.7, >= 1.7.4)
  opal-browser (~> 0.3.3)

BUNDLED WITH
   2.4.19
